PATH
  remote: ./tools/swift_coverage
  specs:
    swift_coverage (0.1.0)
      commander

GEM
  remote: https://rubygems.org/
  specs:
    commander (4.3.4)
      highline (~> 1.7.2)
    highline (1.7.2)

PLATFORMS
  ruby

DEPENDENCIES
  swift_coverage!
